PATH
  remote: .
  specs:
    parse-stack (1.11.3)
      active_model_serializers (>= 0.9, < 1)
      activemodel (>= 5, < 9)
      activesupport (>= 5, < 9)
      faraday (~> 2.0)
      moneta (< 2)
      parallel (>= 1.6, < 2)
      rack (>= 2.0.6, < 4)

GEM
  remote: https://rubygems.org/
  specs:
    active_model_serializers (0.9.13)
      activemodel (>= 3.2)
      concurrent-ruby (~> 1.0)
    activemodel (8.0.2.1)
      activesupport (= 8.0.2.1)
    activesupport (8.0.2.1)
      base64
      benchmark (>= 0.3)
      bigdecimal
      concurrent-ruby (~> 1.0, >= 1.3.1)
      connection_pool (>= 2.2.5)
      drb
      i18n (>= 1.6, < 2)
      logger (>= 1.4.2)
      minitest (>= 5.1)
      securerandom (>= 0.3)
      tzinfo (~> 2.0, >= 2.0.5)
      uri (>= 0.13.1)
    ansi (1.5.0)
    base64 (0.3.0)
    benchmark (0.4.1)
    bigdecimal (3.2.2)
    binding_of_caller (1.0.0)
      debug_inspector (>= 0.0.1)
    builder (3.3.0)
    byebug (11.1.3)
    coderay (1.1.3)
    concurrent-ruby (1.3.5)
    connection_pool (2.5.3)
    debug_inspector (1.1.0)
    dotenv (2.8.1)
    drb (2.2.3)
    faraday (2.13.4)
      faraday-net_http (>= 2.0, < 3.5)
      json
      logger
    faraday-net_http (3.4.1)
      net-http (>= 0.5.0)
    i18n (1.14.7)
      concurrent-ruby (~> 1.0)
    json (2.13.2)
    logger (1.7.0)
    method_source (1.0.0)
    minitest (5.25.5)
    minitest-reporters (1.7.1)
      ansi
      builder
      minitest (>= 5.0)
      ruby-progressbar
    moneta (1.6.0)
    net-http (0.6.0)
      uri
    parallel (1.27.0)
    pry (0.14.2)
      coderay (~> 1.1)
      method_source (~> 1.0)
    pry-nav (1.0.0)
      pry (>= 0.9.10, < 0.15)
    pry-stack_explorer (0.6.1)
      binding_of_caller (~> 1.0)
      pry (~> 0.13)
    rack (3.2.0)
    rake (13.0.6)
    redcarpet (3.5.1)
    redis (5.0.6)
      redis-client (>= 0.9.0)
    redis-client (0.12.1)
      connection_pool
    ruby-progressbar (1.13.0)
    rufo (0.13.0)
    securerandom (0.4.1)
    tzinfo (2.0.6)
      concurrent-ruby (~> 1.0)
    uri (1.0.3)
    webrick (1.7.0)
    yard (0.9.28)
      webrick (~> 1.7.0)

PLATFORMS
  ruby

DEPENDENCIES
  byebug
  dotenv
  minitest
  minitest-reporters
  parse-stack!
  pry
  pry-nav
  pry-stack_explorer
  rake
  redcarpet
  redis
  rufo
  yard (>= 0.9.11)

BUNDLED WITH
   2.3.19
